PATH
  remote: .
  specs:
    git-i18n-differ (0.0.1)

GEM
  remote: http://rubygems.org/
  specs:
    rake (10.0.3)

PLATFORMS
  ruby

DEPENDENCIES
  git-i18n-differ!
  rake
